GEM
  remote: https://rubygems.org/
  specs:
    celluloid (0.15.2)
      timers (~> 1.1.0)
    coderay (1.0.9)
    ffi (1.9.0)
    formatador (0.2.4)
    growl (1.0.3)
    guard (2.0.3)
      formatador (>= 0.2.4)
      listen (~> 2.0)
      lumberjack (~> 1.0)
      pry (>= 0.9.12)
      thor (>= 0.18.1)
    guard-haml (1.1.0)
      guard (~> 2.0)
      haml (>= 3.0)
    haml (4.0.3)
      tilt
    listen (2.0.0)
      celluloid (>= 0.15.1)
      rb-fsevent (>= 0.9.3)
      rb-inotify (>= 0.9)
    lumberjack (1.0.4)
    method_source (0.8.2)
    pry (0.9.12.2)
      coderay (~> 1.0.5)
      method_source (~> 0.8)
      slop (~> 3.4)
    rb-fchange (0.0.6)
      ffi
    rb-fsevent (0.9.3)
    rb-inotify (0.9.2)
      ffi (>= 0.5.0)
    slop (3.4.6)
    thor (0.18.1)
    tilt (1.4.1)
    timers (1.1.0)

PLATFORMS
  ruby

DEPENDENCIES
  growl
  guard
  guard-haml
  rb-fchange
  rb-fsevent
  rb-inotify
